GEM
  remote: https://rubygems.org/
  specs:
    rack (1.4.7)

PLATFORMS
  ruby

DEPENDENCIES
  rack (~> 1.4.1)

BUNDLED WITH
   1.11.2
